GEM
  remote: https://rubygems.org/
  specs:
    celluloid (0.12.3)
      facter (>= 1.6.12)
      timers (>= 1.0.0)
    diff-lcs (1.1.3)
    facter (1.6.14)
    rake (12.3.3)
    rspec (2.12.0)
      rspec-core (~> 2.12.0)
      rspec-expectations (~> 2.12.0)
      rspec-mocks (~> 2.12.0)
    rspec-core (2.12.0)
    rspec-expectations (2.12.0)
      diff-lcs (~> 1.1.3)
    rspec-mocks (2.12.0)
    timers (1.0.1)

PLATFORMS
  java
  ruby

DEPENDENCIES
  celluloid
  rake
  rspec
